PATH
  remote: .
  specs:
    object_protocol (0.1.0)
      binding_of_caller

GEM
  remote: https://rubygems.org/
  specs:
    binding_of_caller (0.8.0)
      debug_inspector (>= 0.0.1)
    byebug (10.0.2)
    coderay (1.1.2)
    debug_inspector (0.0.3)
    diff-lcs (1.3)
    git (1.4.0)
    method_source (0.9.0)
    pry (0.11.3)
      coderay (~> 1.1.0)
      method_source (~> 0.9.0)
    pry-byebug (3.6.0)
      byebug (~> 10.0)
      pry (~> 0.10)
    rake (10.5.0)
    rspec (3.7.0)
      rspec-core (~> 3.7.0)
      rspec-expectations (~> 3.7.0)
      rspec-mocks (~> 3.7.0)
    rspec-core (3.7.1)
      rspec-support (~> 3.7.0)
    rspec-expectations (3.7.0)
      diff-lcs (>= 1.2.0, < 2.0)
      rspec-support (~> 3.7.0)
    rspec-mocks (3.7.0)
      diff-lcs (>= 1.2.0, < 2.0)
      rspec-support (~> 3.7.0)
    rspec-support (3.7.1)
    structured_changelog (0.10.0)
      git

PLATFORMS
  ruby

DEPENDENCIES
  bundler (~> 1.16)
  object_protocol!
  pry-byebug
  rake (~> 10.0)
  rspec (~> 3.0)
  structured_changelog

BUNDLED WITH
   1.16.1
